GEM
  remote: https://rubygems.org/
  specs:
    addressable (2.3.6)
    google_calendar (0.3.1)
      addressable (>= 2.2.2)
      nokogiri (>= 1.4.4)
    httparty (0.13.1)
      json (~> 1.8)
      multi_xml (>= 0.5.2)
    json (1.8.1)
    mini_portile (0.6.0)
    multi_xml (0.5.5)
    nokogiri (1.6.3.1)
      mini_portile (= 0.6.0)
    ruby_spark (1.0.0)
      httparty (~> 0.13)

PLATFORMS
  ruby

DEPENDENCIES
  google_calendar
  ruby_spark
